GEM
  remote: https://rubygems.org/
  specs:
    webconsole (0.0.2)

PLATFORMS
  ruby

DEPENDENCIES
  webconsole
