PATH
  remote: ../../../../../webconsole
  specs:
    webconsole (0.1.0)

GEM
  remote: https://rubygems.org/
  specs:

PLATFORMS
  ruby

DEPENDENCIES
  webconsole!
