GEM
  remote: https://rubygems.org/
  specs:
    json (1.8.1)
    webconsole (0.0.3)

PLATFORMS
  ruby

DEPENDENCIES
  json
  webconsole
